GEM
  remote: https://rubygems.org/
  specs:
    ZenTest (4.10.0)
    actionmailer (2.3.18)
      actionpack (= 2.3.18)
    actionpack (2.3.18)
      activesupport (= 2.3.18)
      rack (~> 1.1.0)
    activerecord (2.3.18)
      activesupport (= 2.3.18)
    activeresource (2.3.18)
      activesupport (= 2.3.18)
    activesupport (2.3.18)
    annotate (2.6.5)
      activerecord (>= 2.3.0)
      rake (>= 0.8.7)
    authlogic (2.1.9)
      activerecord (~> 2.3.0)
      activesupport (~> 2.3.0)
    autotest (4.4.6)
      ZenTest (>= 4.4.1)
    autotest-fsevent (0.1.1)
      ZenTest (>= 4.0.0)
      sys-uname (>= 0.8.3)
    autotest-growl (0.2.0)
      autotest (>= 4.2.4)
    autotest-rails (4.1.0)
      ZenTest
    bootstrap-sass (2.1.0.0)
    calendar_date_select (1.16.4)
    chunky_png (1.3.1)
    compass (0.12.6)
      chunky_png (~> 1.2)
      fssm (>= 0.2.7)
      sass (~> 3.2.19)
    compass-rails (2.0.0)
      compass (>= 0.12.2)
    ffi (1.9.3)
    fssm (0.2.10)
    gravatar_image_tag (0.1.0)
    hoe (3.12.0)
      rake (>= 0.8, < 11.0)
    mysql2 (0.2.23)
    rack (1.1.6)
    rails (2.3.18)
      actionmailer (= 2.3.18)
      actionpack (= 2.3.18)
      activerecord (= 2.3.18)
      activeresource (= 2.3.18)
      activesupport (= 2.3.18)
      rake (>= 0.8.3)
    rake (10.3.2)
    rspec (1.3.0)
    rspec-rails (1.3.2)
      rack (>= 1.0.0)
      rspec (>= 1.3.0)
    sass (3.2.19)
    sqlite3 (1.3.9)
    sys-uname (0.9.2)
      ffi (>= 1.0.0)
    test-unit (1.2.3)
      hoe (>= 1.5.1)
    will_paginate (2.3.16)

PLATFORMS
  ruby

DEPENDENCIES
  annotate
  authlogic
  autotest-fsevent (= 0.1.1)
  autotest-growl (= 0.2.0)
  autotest-rails (= 4.1.0)
  bootstrap-sass (= 2.1)
  calendar_date_select
  compass-rails
  gravatar_image_tag (= 0.1.0)
  mysql2 (< 0.3)
  rails (= 2.3.18)
  rspec (= 1.3.0)
  rspec-rails (= 1.3.2)
  sass
  sqlite3
  test-unit (= 1.2.3)
  will_paginate (= 2.3.16)
